GEM
  remote: https://rubygems.org/
  specs:
    byebug (11.1.3)
    power_assert (1.2.0)
    test-unit (3.3.7)
      power_assert

PLATFORMS
  ruby

DEPENDENCIES
  byebug
  test-unit

BUNDLED WITH
   2.1.4
